PATH
  remote: .
  specs:
    validatable-validates_list_items_in_list (0.0.1)
      jnunemaker-validatable (~> 1.8.4)

GEM
  specs:
    activesupport (3.2.9)
      i18n (~> 0.6)
      multi_json (~> 1.0)
    i18n (0.6.1)
    jnunemaker-validatable (1.8.4)
      activesupport (>= 2.3.4)
    multi_json (1.5.0)

PLATFORMS
  ruby

DEPENDENCIES
  validatable-validates_list_items_in_list!
